GEM
  remote: https://rubygems.org/
  specs:
    logger (1.3.0)
    mustermann (1.0.3)
    oj (3.10.6)
    ougai (1.8.5)
      oj (~> 3.10)
    rack (2.2.3)
    rack-protection (2.0.5)
      rack
    sinatra (2.0.5)
      mustermann (~> 1.0)
      rack (~> 2.0)
      rack-protection (= 2.0.5)
      tilt (~> 2.0)
    tilt (2.0.9)

PLATFORMS
  ruby

DEPENDENCIES
  logger (~> 1.3)
  ougai (~> 1.7, >= 1.7.1)
  sinatra (~> 2.0, >= 2.0.5)

RUBY VERSION
   ruby 2.6.3p62

BUNDLED WITH
   1.17.3
