GEM
  remote: https://rubygems.org/
  specs:
    logger (1.3.0)
    mustermann (1.1.1)
      ruby2_keywords (~> 0.0.1)
    oj (3.13.11)
    ougai (1.9.1)
      oj (~> 3.10)
    rack (2.2.3)
    rack-protection (2.2.0)
      rack
    ruby2_keywords (0.0.5)
    sinatra (2.2.0)
      mustermann (~> 1.0)
      rack (~> 2.2)
      rack-protection (= 2.2.0)
      tilt (~> 2.0)
    tilt (2.0.10)

PLATFORMS
  ruby

DEPENDENCIES
  logger (~> 1.3)
  ougai (~> 1.7, >= 1.7.1)
  sinatra (~> 2.2)

RUBY VERSION
   ruby 2.6.3p62

BUNDLED WITH
   1.17.3
