GEM
  remote: https://rubygems.org/
  specs:
    fluent-logger (0.8.1)
      msgpack (>= 1.0.0, < 2)
    log4jruby (0.4.0)
    logger (1.3.0)
    msgpack (1.3.0)
    mustermann (1.0.3)
    rack (2.0.7)
    rack-protection (2.0.5)
      rack
    sinatra (2.0.5)
      mustermann (~> 1.0)
      rack (~> 2.0)
      rack-protection (= 2.0.5)
      tilt (~> 2.0)
    tilt (2.0.9)

PLATFORMS
  ruby

DEPENDENCIES
  fluent-logger (~> 0.8.1)
  log4jruby (~> 0.4.0)
  logger
  sinatra (~> 2.0, >= 2.0.5)

RUBY VERSION
   ruby 2.6.3p62

BUNDLED WITH
   1.17.3
